GEM
  remote: https://rubygems.org/
  specs:
    addressable (2.8.4)
      public_suffix (>= 2.0.2, < 6.0)
    git (1.18.0)
      addressable (~> 2.8)
      rchardet (~> 1.8)
    public_suffix (5.0.1)
    rchardet (1.8.0)

PLATFORMS
  x64-mingw-ucrt

DEPENDENCIES
  git (~> 1.18)

BUNDLED WITH
   2.4.8
